GEM
  remote: https://rubygems.org/
  specs:
    cmdparse (3.0.4)
    hexapdf (0.5.0)
      cmdparse (~> 3.0, >= 3.0.3)
    mimemagic (0.3.3)
    mini_portile2 (2.4.0)
    mustache (1.1.0)
    nokogiri (1.10.3)
      mini_portile2 (~> 2.4.0)
    optimist (3.0.0)
    require_all (2.0.0)
    rpairtree (0.2.0)

PLATFORMS
  ruby

DEPENDENCIES
  hexapdf (~> 0.5.0)
  mimemagic
  mustache
  nokogiri (>= 1.8.5)
  optimist
  require_all
  rpairtree

BUNDLED WITH
   1.12.5
