GEM
  remote: https://rubygems.org/
  specs:
    cmdparse (3.0.3)
    hexapdf (0.5.0)
      cmdparse (~> 3.0, >= 3.0.3)
    mimemagic (0.3.1)
    mini_portile2 (2.3.0)
    mustache (0.99.4)
    nokogiri (1.8.1)
      mini_portile2 (~> 2.3.0)
    require_all (1.3.3)
    rpairtree (0.2.0)
    trollop (2.1.2)

PLATFORMS
  ruby

DEPENDENCIES
  hexapdf (~> 0.5.0)
  mimemagic
  mustache
  nokogiri
  require_all
  rpairtree
  trollop

BUNDLED WITH
   1.12.5
